GIT
  remote: git@github.com:liwei78/jekyll-import.git
  revision: fa773f3439992e830638e2fe726fefb4c5699034
  specs:
    jekyll-import (0.1.0.beta3)
      fastercsv
      jekyll (~> 1.0)
      nokogiri
      safe_yaml (~> 0.7.0)

GEM
  remote: https://rubygems.org/
  specs:
    ClothRed (0.4.1)
    RedCloth (4.2.9)
    blankslate (2.1.2.4)
    classifier (1.3.3)
      fast-stemmer (>= 1.0.0)
    colorator (0.1)
    commander (4.1.5)
      highline (~> 1.6.11)
    directory_watcher (1.4.1)
    fast-stemmer (1.0.2)
    fastercsv (1.5.5)
    highline (1.6.20)
    hpricot (0.8.6)
    html2markdown (0.0.3)
      nokogiri
    jekyll (1.2.1)
      classifier (~> 1.3)
      colorator (~> 0.1)
      commander (~> 4.1.3)
      directory_watcher (~> 1.4.1)
      liquid (~> 2.5.2)
      maruku (~> 0.5)
      pygments.rb (~> 0.5.0)
      redcarpet (~> 2.3.0)
      safe_yaml (~> 0.7.0)
    liquid (2.5.3)
    maruku (0.7.0)
    mini_portile (0.5.1)
    nokogiri (1.6.0)
      mini_portile (~> 0.5.0)
    parslet (1.5.0)
      blankslate (~> 2.0)
    posix-spawn (0.3.6)
    pygments.rb (0.5.2)
      posix-spawn (~> 0.3.6)
      yajl-ruby (~> 1.1.0)
    redcarpet (2.3.0)
    safe_yaml (0.7.1)
    upmark (0.1.4)
      parslet
    yajl-ruby (1.1.0)

PLATFORMS
  ruby

DEPENDENCIES
  ClothRed
  RedCloth
  hpricot
  html2markdown
  jekyll-import!
  upmark
